GEM
  remote: https://rubygems.org/
  specs:
    celluloid (0.16.0)
      timers (~> 4.0.0)
    ffi (1.9.18)
    hitimes (1.2.4)
    listen (2.10.1)
      celluloid (~> 0.16.0)
      rb-fsevent (>= 0.9.3)
      rb-inotify (>= 0.9)
    rack (1.6.5)
    rack-protection (1.5.3)
      rack
    rb-fsevent (0.9.8)
    rb-inotify (0.9.8)
      ffi (>= 0.5.0)
    rerun (0.10.0)
      listen (~> 2.7, >= 2.7.3)
    sinatra (1.4.8)
      rack (~> 1.5)
      rack-protection (~> 1.4)
      tilt (>= 1.3, < 3)
    tilt (2.0.7)
    timers (4.0.4)
      hitimes

PLATFORMS
  ruby

DEPENDENCIES
  rerun
  sinatra (>= 1.4)

RUBY VERSION
   ruby 2.4.0p0

BUNDLED WITH
   1.14.6
